PATH
  remote: .
  specs:
    ngp_van (0.1.4)
      faraday (>= 0.9.2, < 1.0)
      faraday_middleware (>= 0.10.0, < 1.0)

GEM
  remote: https://rubygems.org/
  specs:
    addressable (2.5.2)
      public_suffix (>= 2.0.2, < 4.0)
    coderay (1.1.2)
    concurrent-ruby (1.0.5)
    crack (0.4.3)
      safe_yaml (~> 1.0.0)
    diff-lcs (1.3)
    docile (1.3.1)
    faker (1.8.7)
      i18n (>= 0.7)
    faraday (0.15.2)
      multipart-post (>= 1.2, < 3)
    faraday_middleware (0.12.2)
      faraday (>= 0.7.4, < 1.0)
    hashdiff (0.3.7)
    i18n (1.0.1)
      concurrent-ruby (~> 1.0)
    json (2.1.0)
    method_source (0.9.0)
    multipart-post (2.0.0)
    pry (0.11.3)
      coderay (~> 1.1.0)
      method_source (~> 0.9.0)
    public_suffix (3.0.2)
    rake (10.5.0)
    rspec (3.7.0)
      rspec-core (~> 3.7.0)
      rspec-expectations (~> 3.7.0)
      rspec-mocks (~> 3.7.0)
    rspec-core (3.7.1)
      rspec-support (~> 3.7.0)
    rspec-expectations (3.7.0)
      diff-lcs (>= 1.2.0, < 2.0)
      rspec-support (~> 3.7.0)
    rspec-mocks (3.7.0)
      diff-lcs (>= 1.2.0, < 2.0)
      rspec-support (~> 3.7.0)
    rspec-support (3.7.1)
    safe_yaml (1.0.4)
    simplecov (0.16.1)
      docile (~> 1.1)
      json (>= 1.8, < 3)
      simplecov-html (~> 0.10.0)
    simplecov-html (0.10.2)
    webmock (1.24.6)
      addressable (>= 2.3.6)
      crack (>= 0.3.2)
      hashdiff

PLATFORMS
  ruby
  x86_64-linux

DEPENDENCIES
  bundler (~> 1.6)
  faker (~> 1.6)
  ngp_van!
  pry
  rake (< 11.0)
  rspec (~> 3.0)
  simplecov
  webmock (~> 1.22)

BUNDLED WITH
   1.16.2
